GEM
  remote: http://rubygems.org/
  specs:
    ZenTest (4.4.2)
    actionmailer (2.3.10)
      actionpack (= 2.3.10)
    actionpack (2.3.10)
      activesupport (= 2.3.10)
      rack (~> 1.1.0)
    activerecord (2.3.10)
      activesupport (= 2.3.10)
    activeresource (2.3.10)
      activesupport (= 2.3.10)
    activesupport (2.3.10)
    addressable (2.2.6)
    autotest-rails (4.1.0)
      ZenTest
    columnize (0.3.4)
    daemons (1.1.0)
    diff-lcs (1.1.2)
    eventmachine (0.12.10)
    faraday (0.7.5)
      addressable (~> 2.2.6)
      multipart-post (~> 1.1.3)
      rack (>= 1.1.0, < 2)
    fastercsv (1.5.3)
    haml (3.0.25)
    httpclient (2.2.1)
    koala (1.2.1)
      faraday (~> 0.7.0)
      multi_json (~> 1.0)
    libxml-ruby (2.2.2)
    linecache (0.46)
      rbx-require-relative (> 0.0.4)
    memcache-client (1.8.5)
    mocha (0.9.10)
      rake
    multi_json (1.0.3)
    multipart-post (1.1.3)
    mysql (2.8.1)
    rack (1.1.2)
    rails (2.3.10)
      actionmailer (= 2.3.10)
      actionpack (= 2.3.10)
      activerecord (= 2.3.10)
      activeresource (= 2.3.10)
      activesupport (= 2.3.10)
      rake (>= 0.8.3)
    rake (0.8.7)
    rbx-require-relative (0.0.5)
    rdiscount (1.6.5)
    redcar (0.9.2)
      rubyzip
    redgreen (1.2.2)
    restful_authentication (1.1.6)
      rails (~> 2.3.4)
    rspec (1.3.0)
    rspec-core (2.3.1)
    rspec-expectations (2.3.0)
      diff-lcs (~> 1.1.2)
    rspec-mocks (2.3.0)
    rspec-rails (1.3.2)
      rack (>= 1.0.0)
      rspec (>= 1.3.0)
    ruby-debug (0.10.4)
      columnize (>= 0.1)
      ruby-debug-base (~> 0.10.4.0)
    ruby-debug-base (0.10.4)
      linecache (>= 0.3)
    rubyzip (0.9.4)
    soap4r (1.5.8)
      httpclient (>= 2.1.1)
    sqlite3 (1.3.4)
    starling (0.10.1)
      eventmachine (>= 0.12.0)
      memcache-client (>= 1.7.0)
    system_timer (1.0)
    will_paginate (2.3.15)
    workling (0.4.9.9)

PLATFORMS
  ruby

DEPENDENCIES
  ZenTest (= 4.4.2)
  autotest-rails (= 4.1.0)
  columnize (= 0.3.4)
  daemons (= 1.1.0)
  diff-lcs (= 1.1.2)
  fastercsv (= 1.5.3)
  haml (= 3.0.25)
  httpclient (= 2.2.1)
  koala (= 1.2.1)
  libxml-ruby (= 2.2.2)
  linecache (= 0.46)
  mocha (= 0.9.10)
  mysql (= 2.8.1)
  rack (= 1.1.2)
  rails (= 2.3.10)
  rake (= 0.8.7)
  rbx-require-relative (= 0.0.5)
  rdiscount (= 1.6.5)
  redcar (= 0.9.2)
  redgreen (= 1.2.2)
  restful_authentication (= 1.1.6)
  rspec (= 1.3.0)
  rspec-core (= 2.3.1)
  rspec-expectations (= 2.3.0)
  rspec-mocks (= 2.3.0)
  rspec-rails (= 1.3.2)
  ruby-debug (= 0.10.4)
  rubyzip (= 0.9.4)
  soap4r (>= 1.5.8)
  sqlite3 (= 1.3.4)
  starling (= 0.10.1)
  system_timer (= 1.0)
  will_paginate (= 2.3.15)
  workling (= 0.4.9.9)
