GEM
  remote: http://rubygems.org/
  specs:
    actionmailer (2.3.10)
      actionpack (= 2.3.10)
    actionpack (2.3.10)
      activesupport (= 2.3.10)
      rack (~> 1.1.0)
    activerecord (2.3.10)
      activesupport (= 2.3.10)
    activeresource (2.3.10)
      activesupport (= 2.3.10)
    activesupport (2.3.10)
    addressable (2.2.6)
    columnize (0.3.4)
    daemons (1.1.0)
    eventmachine (0.12.10)
    faraday (0.7.5)
      addressable (~> 2.2.6)
      multipart-post (~> 1.1.3)
      rack (>= 1.1.0, < 2)
    fastercsv (1.5.3)
    haml (3.0.25)
    httpclient (2.2.2)
    koala (1.2.1)
      faraday (~> 0.7.0)
      multi_json (~> 1.0)
    libxml-ruby (2.2.2)
    linecache (0.46)
      rbx-require-relative (> 0.0.4)
    memcache-client (1.8.5)
    mocha (0.9.10)
      rake
    multi_json (1.0.3)
    multipart-post (1.1.3)
    mysql (2.8.1)
    rack (1.1.2)
    rails (2.3.10)
      actionmailer (= 2.3.10)
      actionpack (= 2.3.10)
      activerecord (= 2.3.10)
      activeresource (= 2.3.10)
      activesupport (= 2.3.10)
      rake (>= 0.8.3)
    rake (0.9.2)
    rbx-require-relative (0.0.5)
    rdiscount (1.6.5)
    ruby-debug (0.10.4)
      columnize (>= 0.1)
      ruby-debug-base (~> 0.10.4.0)
    ruby-debug-base (0.10.4)
      linecache (>= 0.3)
    soap4r (1.5.8)
      httpclient (>= 2.1.1)
    starling (0.10.1)
      eventmachine (>= 0.12.0)
      memcache-client (>= 1.7.0)
    system_timer (1.0)
    will_paginate (2.3.15)

PLATFORMS
  ruby

DEPENDENCIES
  daemons (= 1.1.0)
  fastercsv (= 1.5.3)
  haml (= 3.0.25)
  koala (= 1.2.1)
  libxml-ruby (= 2.2.2)
  mocha (= 0.9.10)
  mysql (= 2.8.1)
  rails (= 2.3.10)
  rdiscount (= 1.6.5)
  ruby-debug (= 0.10.4)
  soap4r (= 1.5.8)
  starling (= 0.10.1)
  system_timer (= 1.0)
  will_paginate (= 2.3.15)
